PATH
  remote: .
  specs:
    multiki (1.0.1)

GEM
  remote: https://rubygems.org/
  specs:
    minitest (5.14.0)
    rake (10.5.0)

PLATFORMS
  ruby

DEPENDENCIES
  bundler (~> 2.0)
  minitest (~> 5.0)
  multiki!
  rake (~> 10.0)

BUNDLED WITH
   2.1.4
